GEM
  remote: http://rubygems.org/
  specs:
    json (1.8.3)
    mime-types (1.25.1)
    puma (2.15.3)
    rack (1.6.4)
    rack-protection (1.5.3)
      rack
    rdoc (4.2.1)
      json (~> 1.4)
    rest-client (1.6.8)
      mime-types (~> 1.16)
      rdoc (>= 2.4.2)
    sinatra (1.4.6)
      rack (~> 1.4)
      rack-protection (~> 1.4)
      tilt (>= 1.3, < 3)
    tilt (2.0.2)

PLATFORMS
  ruby

DEPENDENCIES
  puma
  rest-client
  sinatra

BUNDLED WITH
   1.10.6
